GEM
  remote: https://rubygems.org/
  specs:
    activesupport (4.2.6)
      i18n (~> 0.7)
      json (~> 1.7, >= 1.7.7)
      minitest (~> 5.1)
      thread_safe (~> 0.3, >= 0.3.4)
      tzinfo (~> 1.1)
    addressable (2.4.0)
    colorize (0.7.7)
    formatador (0.2.5)
    hashie (3.4.4)
    httparty (0.13.7)
      json (~> 1.8)
      multi_xml (>= 0.5.2)
    i18n (0.7.0)
    json (1.8.3)
    minitest (5.8.4)
    multi_json (1.12.0)
    multi_xml (0.5.5)
    rack (1.6.4)
    rack-protection (1.5.3)
      rack
    sinatra (1.4.7)
      rack (~> 1.5)
      rack-protection (~> 1.4)
      tilt (>= 1.3, < 3)
    sinatra-jsonp (0.4.4)
      multi_json (~> 1.8)
      sinatra (~> 1.0)
    thor (0.19.1)
    thread_safe (0.3.5)
    tilt (2.0.2)
    tzinfo (1.2.2)
      thread_safe (~> 0.1)
    wikidata (0.0.3)
      activesupport
      colorize
      formatador
      hashie (>= 2.0)
      httparty
      i18n
      thor

PLATFORMS
  ruby

DEPENDENCIES
  activesupport (~> 4.2.6)
  addressable (~> 2.4.0)
  sinatra (~> 1.4.7)
  sinatra-jsonp (~> 0.4.4)
  wikidata (~> 0.0.3)

BUNDLED WITH
   1.11.2
